GEM
  remote: http://rubygems.org/
  specs:
    aasm (2.2.0)
    actionmailer (2.3.16)
      actionpack (= 2.3.16)
    actionpack (2.3.16)
      activesupport (= 2.3.16)
      rack (~> 1.1.0)
    activerecord (2.3.16)
      activesupport (= 2.3.16)
    activeresource (2.3.16)
      activesupport (= 2.3.16)
    activesupport (2.3.16)
    authlogic (2.1.6)
      activesupport
    capistrano (2.14.2)
      highline
      net-scp (>= 1.0.0)
      net-sftp (>= 2.0.0)
      net-ssh (>= 2.0.14)
      net-ssh-gateway (>= 1.1.0)
    columnize (0.3.6)
    factory_girl (1.3.3)
    highline (1.6.15)
    json (1.5.1)
    linecache (0.46)
      rbx-require-relative (> 0.0.4)
    net-scp (1.1.0)
      net-ssh (>= 2.6.5)
    net-sftp (2.1.1)
      net-ssh (>= 2.6.5)
    net-ssh (2.6.5)
    net-ssh-gateway (1.2.0)
      net-ssh (>= 2.6.5)
    rack (1.1.6)
    rails (2.3.16)
      actionmailer (= 2.3.16)
      actionpack (= 2.3.16)
      activerecord (= 2.3.16)
      activeresource (= 2.3.16)
      activesupport (= 2.3.16)
      rake (>= 0.8.3)
    rake (10.0.3)
    rbx-require-relative (0.0.9)
    rdoc (3.12.1)
      json (~> 1.4)
    rspec (1.3.1)
    rspec-rails (1.3.3)
      rack (>= 1.0.0)
      rspec (= 1.3.1)
    ruby-debug (0.10.4)
      columnize (>= 0.1)
      ruby-debug-base (~> 0.10.4.0)
    ruby-debug-base (0.10.4)
      linecache (>= 0.3)
    sqlite3 (1.3.3)
    super_exception_notifier (2.0.8)
      actionmailer

PLATFORMS
  ruby

DEPENDENCIES
  aasm (= 2.2.0)
  authlogic (= 2.1.6)
  capistrano
  factory_girl (= 1.3.3)
  json (= 1.5.1)
  rails (= 2.3.16)
  rdoc
  rspec-rails (= 1.3.3)
  ruby-debug
  sqlite3 (= 1.3.3)
  super_exception_notifier (= 2.0.8)
