GEM
  remote: http://rubygems.org/
  specs:
    aasm (2.2.0)
    actionmailer (2.3.15)
      actionpack (= 2.3.15)
    actionpack (2.3.15)
      activesupport (= 2.3.15)
      rack (~> 1.1.3)
    activerecord (2.3.15)
      activesupport (= 2.3.15)
    activeresource (2.3.15)
      activesupport (= 2.3.15)
    activesupport (2.3.15)
    authlogic (2.1.6)
      activesupport
    columnize (0.3.6)
    factory_girl (1.3.3)
    json (1.5.1)
    linecache (0.46)
      rbx-require-relative (> 0.0.4)
    rack (1.1.4)
    rails (2.3.15)
      actionmailer (= 2.3.15)
      actionpack (= 2.3.15)
      activerecord (= 2.3.15)
      activeresource (= 2.3.15)
      activesupport (= 2.3.15)
      rake (>= 0.8.3)
    rake (10.0.3)
    rbx-require-relative (0.0.9)
    rspec (1.3.1)
    rspec-rails (1.3.3)
      rack (>= 1.0.0)
      rspec (= 1.3.1)
    ruby-debug (0.10.4)
      columnize (>= 0.1)
      ruby-debug-base (~> 0.10.4.0)
    ruby-debug-base (0.10.4)
      linecache (>= 0.3)
    sqlite3 (1.3.6)
    sqlite3-ruby (1.3.3)
      sqlite3 (>= 1.3.3)
    super_exception_notifier (2.0.8)
      actionmailer

PLATFORMS
  ruby

DEPENDENCIES
  aasm (= 2.2.0)
  authlogic (= 2.1.6)
  factory_girl (= 1.3.3)
  json (= 1.5.1)
  rails (= 2.3.15)
  rspec-rails (= 1.3.3)
  ruby-debug
  sqlite3-ruby
  super_exception_notifier (= 2.0.8)
