GEM
  remote: https://rubygems.org/
  specs:
    aasm (2.2.0)
    actionmailer (2.3.17)
      actionpack (= 2.3.17)
    actionpack (2.3.17)
      activesupport (= 2.3.17)
      rack (~> 1.1.0)
    activerecord (2.3.17)
      activesupport (= 2.3.17)
    activeresource (2.3.17)
      activesupport (= 2.3.17)
    activesupport (2.3.17)
    authlogic (2.1.6)
      activesupport
    capistrano (2.15.5)
      highline
      net-scp (>= 1.0.0)
      net-sftp (>= 2.0.0)
      net-ssh (>= 2.0.14)
      net-ssh-gateway (>= 1.1.0)
    columnize (0.8.9)
    debugger (1.6.8)
      columnize (>= 0.3.1)
      debugger-linecache (~> 1.2.0)
      debugger-ruby_core_source (~> 1.3.5)
    debugger-linecache (1.2.0)
    debugger-ruby_core_source (1.3.7)
    factory_girl (1.3.3)
    highline (1.6.21)
    hoe (3.13.0)
      rake (>= 0.8, < 11.0)
    json (1.5.5)
    net-scp (1.2.1)
      net-ssh (>= 2.6.5)
    net-sftp (2.1.2)
      net-ssh (>= 2.6.5)
    net-ssh (2.9.1)
    net-ssh-gateway (1.2.0)
      net-ssh (>= 2.6.5)
    rack (1.1.6)
    rails (2.3.17)
      actionmailer (= 2.3.17)
      actionpack (= 2.3.17)
      activerecord (= 2.3.17)
      activeresource (= 2.3.17)
      activesupport (= 2.3.17)
      rake (>= 0.8.3)
    rake (0.8.7)
    rdoc (4.1.2)
      json (~> 1.4)
    rspec (1.3.1)
    rspec-rails (1.3.3)
      rack (>= 1.0.0)
      rspec (= 1.3.1)
    sqlite3 (1.3.3)
    super_exception_notifier (2.0.8)
      actionmailer
    test-unit (1.2.3)
      hoe (>= 1.5.1)

PLATFORMS
  ruby

DEPENDENCIES
  aasm (= 2.2.0)
  authlogic (= 2.1.6)
  capistrano
  debugger
  factory_girl (= 1.3.3)
  json (= 1.5.5)
  rails (= 2.3.17)
  rake (= 0.8.7)
  rdoc
  rspec-rails (= 1.3.3)
  sqlite3 (= 1.3.3)
  super_exception_notifier (= 2.0.8)
  test-unit (= 1.2.3)
